GEM
  remote: https://rubygems.org/
  specs:
    activesupport (6.1.7.1)
      concurrent-ruby (~> 1.0, >= 1.0.2)
      i18n (>= 1.6, < 2)
      minitest (>= 5.1)
      tzinfo (~> 2.0)
      zeitwerk (~> 2.3)
    asciidoctor (1.5.6.1)
    concurrent-ruby (1.1.10)
    excon (0.58.0)
    faraday (0.13.1)
      multipart-post (>= 1.2, < 3)
    i18n (1.12.0)
      concurrent-ruby (~> 1.0)
    kramdown (1.14.0)
    liquid (4.0.0)
    minitest (5.17.0)
    multipart-post (2.0.0)
    mustermann (1.0.1)
    puma (3.10.0)
    rack (2.0.3)
    rack-protection (2.0.0)
      rack
    rake (12.0.0)
    sinatra (2.0.0)
      mustermann (~> 1.0)
      rack (~> 2.0)
      rack-protection (= 2.0.0)
      tilt (~> 2.0)
    tilt (2.0.8)
    tzinfo (2.0.5)
      concurrent-ruby (~> 1.0)
    zeitwerk (2.6.6)

PLATFORMS
  ruby

DEPENDENCIES
  activesupport
  asciidoctor
  excon
  faraday
  kramdown
  liquid
  puma
  rake
  sinatra

BUNDLED WITH
   1.15.4
