GEM
  remote: https://rubygems.org/
  specs:
    activesupport (5.1.3)
      concurrent-ruby (~> 1.0, >= 1.0.2)
      i18n (~> 0.7)
      minitest (~> 5.1)
      tzinfo (~> 1.1)
    asciidoctor (1.5.6.1)
    concurrent-ruby (1.0.5)
    excon (0.58.0)
    faraday (0.13.1)
      multipart-post (>= 1.2, < 3)
    i18n (0.8.6)
    kramdown (1.14.0)
    liquid (4.0.0)
    minitest (5.10.3)
    multipart-post (2.0.0)
    mustermann (1.0.1)
    puma (3.12.4)
    rack (2.0.3)
    rack-protection (2.0.0)
      rack
    rake (12.0.0)
    sinatra (2.0.0)
      mustermann (~> 1.0)
      rack (~> 2.0)
      rack-protection (= 2.0.0)
      tilt (~> 2.0)
    thread_safe (0.3.6)
    tilt (2.0.8)
    tzinfo (1.2.3)
      thread_safe (~> 0.1)

PLATFORMS
  ruby

DEPENDENCIES
  activesupport
  asciidoctor
  excon
  faraday
  kramdown
  liquid
  puma
  rake
  sinatra

BUNDLED WITH
   1.15.4
